GIT
  remote: https://github.com/minimagick/minimagick
  revision: 916b89589a4486ba6d1d417b495a2affe0d08a7a
  specs:
    mini_magick (4.9.5)

GEM
  remote: http://rubygems.org/
  specs:
    mustermann (1.0.3)
    rack (2.2.3)
    rack-protection (2.0.5)
      rack
    sinatra (2.0.5)
      mustermann (~> 1.0)
      rack (~> 2.0)
      rack-protection (= 2.0.5)
      tilt (~> 2.0)
    tilt (2.0.9)

PLATFORMS
  ruby

DEPENDENCIES
  mini_magick!
  sinatra

BUNDLED WITH
   1.17.3
