GIT
  remote: https://github.com/minimagick/minimagick
  revision: 916b89589a4486ba6d1d417b495a2affe0d08a7a
  specs:
    mini_magick (4.9.5)

GEM
  remote: http://rubygems.org/
  specs:
    mustermann (2.0.2)
      ruby2_keywords (~> 0.0.1)
    rack (2.2.4)
    rack-protection (2.2.3)
      rack
    ruby2_keywords (0.0.5)
    sinatra (2.2.3)
      mustermann (~> 2.0)
      rack (~> 2.2)
      rack-protection (= 2.2.3)
      tilt (~> 2.0)
    tilt (2.0.11)

PLATFORMS
  ruby

DEPENDENCIES
  mini_magick!
  sinatra

BUNDLED WITH
   1.17.3
