GEM
  remote: http://rubygems.org/
  specs:
    mustermann (1.0.3)
    rack (2.2.3.1)
    rack-protection (2.0.5)
      rack
    rmagick (4.1.0.rc2)
    sinatra (2.0.5)
      mustermann (~> 1.0)
      rack (~> 2.0)
      rack-protection (= 2.0.5)
      tilt (~> 2.0)
    tilt (2.0.9)

PLATFORMS
  ruby

DEPENDENCIES
  rmagick (= 4.1.0.rc2)
  sinatra

BUNDLED WITH
   1.17.3
